GEM
  remote: http://rubygems.org/
  specs:
    highline (1.7.8)
    state_machine (1.2.0)

PLATFORMS
  ruby

DEPENDENCIES
  highline
  state_machine

BUNDLED WITH
   1.13.2
